GEM
  remote: http://rubygems.org/
  specs:
    adsf (1.0.1)
      rack (>= 1.0.0)
    chunky_png (1.2.5)
    compass (0.11.5)
      chunky_png (~> 1.2)
      fssm (>= 0.2.7)
      sass (~> 3.1)
    cri (2.0.2)
    fssm (0.2.7)
    haml (3.1.3)
    jsmin (1.0.1)
    nanoc (3.2.3)
      nanoc3 (>= 3.2.3)
    nanoc3 (3.2.3)
      cri (~> 2.0)
    rack (1.3.5)
    rack-contrib (1.1.0)
      rack (>= 0.9.1)
    rainpress (1.0)
    rake (0.9.2.2)
    rdiscount (1.6.8)
    sass (3.1.10)

PLATFORMS
  ruby

DEPENDENCIES
  adsf
  compass (~> 0.11)
  fssm
  haml (~> 3.1)
  jsmin (~> 1.0)
  nanoc (~> 3.2)
  rack
  rack-contrib
  rainpress (~> 1.0)
  rake
  rdiscount (~> 1.6)
  sass
