GEM
  remote: http://rubygems.org/
  specs:
    adsf (1.1.1)
      rack (>= 1.0.0)
    chunky_png (1.2.5)
    compass (0.12.1)
      chunky_png (~> 1.2)
      fssm (>= 0.2.7)
      sass (~> 3.1)
    cri (2.2.1)
    fssm (0.2.8.1)
    haml (3.1.4)
    jsmin (1.0.1)
    nanoc (3.3.2)
      cri (~> 2.2)
    rack (1.4.1)
    rack-contrib (1.1.0)
      rack (>= 0.9.1)
    rack-rewrite (1.2.1)
    rainpress (1.0)
    rake (0.9.2.2)
    rdiscount (1.6.8)
    sass (3.1.15)

PLATFORMS
  ruby

DEPENDENCIES
  adsf
  compass (~> 0.11)
  fssm
  haml (~> 3.1)
  jsmin (~> 1.0)
  nanoc (~> 3.2)
  rack
  rack-contrib
  rack-rewrite
  rainpress (~> 1.0)
  rake
  rdiscount (~> 1.6)
  sass
